GEM
  remote: https://rubygems.org/
  specs:
    ansi (1.5.0)
    minitest (5.10.1)
    minitest-doc_reporter (0.6.0)
      ansi
      minitest (~> 5.0)
    rack (2.0.1)
    rack-test (0.6.3)
      rack (>= 1.0)

PLATFORMS
  ruby

DEPENDENCIES
  minitest
  minitest-doc_reporter
  rack-test

BUNDLED WITH
   1.12.5
